GEM
  remote: https://rubygems.org/
  specs:
    irb (1.0.0)
    minitest (5.11.3)

PLATFORMS
  ruby

DEPENDENCIES
  irb
  minitest

BUNDLED WITH
   2.0.1
