GEM
  remote: https://rubygems.org/
  specs:
    irb (1.0.0)
    power_assert (1.1.4)
    test-unit (3.3.3)
      power_assert

PLATFORMS
  ruby

DEPENDENCIES
  irb
  test-unit

BUNDLED WITH
   2.0.1
